GEM
  remote: http://rubygems.org/
  specs:
    ethon (0.15.0)
      ffi (>= 1.15.0)
    ffi (1.15.4)
    json (2.6.1)
    typhoeus (1.4.0)
      ethon (>= 0.9.0)
    yaml (0.2.0)

PLATFORMS
  ruby

DEPENDENCIES
  json
  typhoeus
  yaml

BUNDLED WITH
   2.1.4
